PATH
  remote: .
  specs:
    orbital (0.1.0)
      activesupport
      k8s-ruby
      paint
      rake (~> 13.0)
      thor
      toml
      tty-command (~> 0.10.0)
      tty-link (~> 0.1.1)
      tty-which (~> 0.4.2)

GEM
  remote: https://rubygems.org/
  specs:
    activesupport (6.1.0)
      concurrent-ruby (~> 1.0, >= 1.0.2)
      i18n (>= 1.6, < 2)
      minitest (>= 5.1)
      tzinfo (~> 2.0)
      zeitwerk (~> 2.3)
    coderay (1.1.3)
    concurrent-ruby (1.1.7)
    diff-lcs (1.4.4)
    dry-configurable (0.11.6)
      concurrent-ruby (~> 1.0)
      dry-core (~> 0.4, >= 0.4.7)
      dry-equalizer (~> 0.2)
    dry-container (0.7.2)
      concurrent-ruby (~> 1.0)
      dry-configurable (~> 0.1, >= 0.1.3)
    dry-core (0.5.0)
      concurrent-ruby (~> 1.0)
    dry-equalizer (0.3.0)
    dry-inflector (0.2.0)
    dry-logic (0.6.1)
      concurrent-ruby (~> 1.0)
      dry-core (~> 0.2)
      dry-equalizer (~> 0.2)
    dry-struct (0.5.1)
      dry-core (~> 0.4, >= 0.4.3)
      dry-equalizer (~> 0.2)
      dry-types (~> 0.13)
      ice_nine (~> 0.11)
    dry-types (0.13.4)
      concurrent-ruby (~> 1.0)
      dry-container (~> 0.3)
      dry-core (~> 0.4, >= 0.4.4)
      dry-equalizer (~> 0.2)
      dry-inflector (~> 0.1, >= 0.1.2)
      dry-logic (~> 0.4, >= 0.4.2)
    excon (0.78.1)
    hashdiff (1.0.1)
    i18n (1.8.5)
      concurrent-ruby (~> 1.0)
    ice_nine (0.11.2)
    jsonpath (0.9.9)
      multi_json
      to_regexp (~> 0.2.1)
    k8s-ruby (0.10.5)
      dry-struct (~> 0.5.0)
      dry-types (~> 0.13.0)
      excon (~> 0.71)
      hashdiff (~> 1.0.0)
      jsonpath (~> 0.9.5)
      recursive-open-struct (~> 1.1.0)
      yajl-ruby (~> 1.4.0)
      yaml-safe_load_stream (~> 0.1)
    method_source (1.0.0)
    minitest (5.14.2)
    multi_json (1.15.0)
    paint (2.2.1)
    parslet (1.8.2)
    pastel (0.8.0)
      tty-color (~> 0.5)
    pry (0.13.1)
      coderay (~> 1.1)
      method_source (~> 1.0)
    rake (13.0.2)
    recursive-open-struct (1.1.3)
    rspec (3.10.0)
      rspec-core (~> 3.10.0)
      rspec-expectations (~> 3.10.0)
      rspec-mocks (~> 3.10.0)
    rspec-core (3.10.0)
      rspec-support (~> 3.10.0)
    rspec-expectations (3.10.0)
      diff-lcs (>= 1.2.0, < 2.0)
      rspec-support (~> 3.10.0)
    rspec-mocks (3.10.0)
      diff-lcs (>= 1.2.0, < 2.0)
      rspec-support (~> 3.10.0)
    rspec-support (3.10.0)
    thor (1.0.1)
    to_regexp (0.2.1)
    toml (0.2.0)
      parslet (~> 1.8.0)
    tty-color (0.6.0)
    tty-command (0.10.0)
      pastel (~> 0.8)
    tty-link (0.1.1)
    tty-which (0.4.2)
    tzinfo (2.0.4)
      concurrent-ruby (~> 1.0)
    yajl-ruby (1.4.1)
    yaml-safe_load_stream (0.1.1)
    zeitwerk (2.4.2)

PLATFORMS
  ruby

DEPENDENCIES
  orbital!
  pry
  rspec (~> 3.10.0)

RUBY VERSION
   ruby 2.7.2p137

BUNDLED WITH
   2.1.4
