PATH
  remote: .
  specs:
    orbital (1.0.15)
      accessory (~> 0.1.11)
      activesupport (~> 7.0.2)
      base32-multi (~> 0.1.0)
      dry-logic (= 1.2.0)
      k8s-ruby2 (~> 2.0.13)
      kubesealr (~> 0.1.6)
      kustomizer (~> 0.1.18)
      paint (~> 2.2.1)
      pry (~> 0.14.0)
      recursive-open-struct (~> 1.0, >= 1.0.1)
      thor (~> 1.2.1)
      tty-command (~> 0.10.0)
      tty-link (~> 0.1.1)
      tty-platform (~> 0.3.0)
      tty-prompt (~> 0.23)
      tty-table (~> 0.12.0)
      tty-which (~> 0.5.0)

GEM
  remote: https://rubygems.org/
  specs:
    accessory (0.1.11)
    activesupport (7.0.4.3)
      concurrent-ruby (~> 1.0, >= 1.0.2)
      i18n (>= 1.6, < 2)
      minitest (>= 5.1)
      tzinfo (~> 2.0)
    base32-multi (0.1.1)
    coderay (1.1.3)
    concurrent-ruby (1.2.2)
    diff-lcs (1.5.0)
    dry-container (0.11.0)
      concurrent-ruby (~> 1.0)
    dry-core (0.9.1)
      concurrent-ruby (~> 1.0)
      zeitwerk (~> 2.6)
    dry-inflector (0.3.0)
    dry-logic (1.2.0)
      concurrent-ruby (~> 1.0)
      dry-core (~> 0.5, >= 0.5)
    dry-struct (1.4.0)
      dry-core (~> 0.5, >= 0.5)
      dry-types (~> 1.5)
      ice_nine (~> 0.11)
    dry-types (1.5.1)
      concurrent-ruby (~> 1.0)
      dry-container (~> 0.3)
      dry-core (~> 0.5, >= 0.5)
      dry-inflector (~> 0.1, >= 0.1.2)
      dry-logic (~> 1.0, >= 1.0.2)
    excon (0.99.0)
    hashdiff (1.0.1)
    i18n (1.13.0)
      concurrent-ruby (~> 1.0)
    ice_nine (0.11.2)
    jsonpath (1.1.2)
      multi_json
    k8s-ruby2 (2.0.13)
      dry-struct (~> 1.4.0)
      dry-types (~> 1.5.0)
      excon (~> 0.78)
      hashdiff (~> 1.0.1)
      jsonpath (~> 1.1.0)
      recursive-open-struct (~> 1.1.3)
      yajl-ruby (~> 1.4.1)
      yaml-safe_load_stream2 (~> 0.1.1)
    kubesealr (0.1.6)
      k8s-ruby2 (~> 2.0.13)
      openssl-oaep
    kustomizer (0.1.18)
      accessory (~> 0.1.11)
      base32-multi
    method_source (1.0.0)
    minitest (5.18.0)
    multi_json (1.15.0)
    openssl-oaep (0.1.0)
    paint (2.2.1)
    pastel (0.8.0)
      tty-color (~> 0.5)
    pry (0.14.2)
      coderay (~> 1.1)
      method_source (~> 1.0)
    rake (13.0.6)
    recursive-open-struct (1.1.3)
    rspec (3.11.0)
      rspec-core (~> 3.11.0)
      rspec-expectations (~> 3.11.0)
      rspec-mocks (~> 3.11.0)
    rspec-core (3.11.0)
      rspec-support (~> 3.11.0)
    rspec-expectations (3.11.1)
      diff-lcs (>= 1.2.0, < 2.0)
      rspec-support (~> 3.11.0)
    rspec-mocks (3.11.2)
      diff-lcs (>= 1.2.0, < 2.0)
      rspec-support (~> 3.11.0)
    rspec-support (3.11.1)
    strings (0.2.1)
      strings-ansi (~> 0.2)
      unicode-display_width (>= 1.5, < 3.0)
      unicode_utils (~> 1.4)
    strings-ansi (0.2.0)
    thor (1.2.1)
    tty-color (0.6.0)
    tty-command (0.10.1)
      pastel (~> 0.8)
    tty-cursor (0.7.1)
    tty-link (0.1.1)
    tty-platform (0.3.0)
    tty-prompt (0.23.1)
      pastel (~> 0.8)
      tty-reader (~> 0.8)
    tty-reader (0.9.0)
      tty-cursor (~> 0.7)
      tty-screen (~> 0.8)
      wisper (~> 2.0)
    tty-screen (0.8.1)
    tty-table (0.12.0)
      pastel (~> 0.8)
      strings (~> 0.2.0)
      tty-screen (~> 0.8)
    tty-which (0.5.0)
    tzinfo (2.0.6)
      concurrent-ruby (~> 1.0)
    unicode-display_width (2.4.2)
    unicode_utils (1.4.0)
    wisper (2.0.1)
    yajl-ruby (1.4.3)
    yaml-safe_load_stream2 (0.1.1)
    zeitwerk (2.6.8)

PLATFORMS
  arm64-darwin-22

DEPENDENCIES
  orbital!
  rake (~> 13.0)
  rspec (~> 3.11.0)

RUBY VERSION
   ruby 3.2.2p53

BUNDLED WITH
   2.4.12
