GIT
  remote: https://github.com/tsutsu/k8s-ruby.git
  revision: 177ba953169f32b6b40b85eedae85659825381b5
  branch: fork-master
  specs:
    k8s-ruby (0.10.5)
      dry-struct (~> 1.3.0)
      dry-types (~> 1.4.0)
      excon (~> 0.78)
      hashdiff (~> 1.0.1)
      jsonpath (~> 1.1.0)
      recursive-open-struct (~> 1.1.3)
      yajl-ruby (~> 1.4.1)
      yaml-safe_load_stream2 (~> 0.1)

GIT
  remote: https://github.com/tsutsu/recursive-open-struct.git
  revision: 1467ac3107582ab32de016fa320c1e204b10a1af
  branch: fix-ruby3-support
  specs:
    recursive-open-struct (1.1.3)

PATH
  remote: ../accessory
  specs:
    accessory (0.1.9)

PATH
  remote: .
  specs:
    orbital (0.1.0)
      activesupport
      k8s-ruby
      kustomizer (~> 0.1.1)
      paint
      recursive-open-struct (~> 1.0, >= 1.0.1)
      thor (~> 1.0.1)
      toml
      tty-command (~> 0.10.0)
      tty-link (~> 0.1.1)
      tty-platform (~> 0.3.0)
      tty-prompt (~> 0.23)
      tty-which (~> 0.4.2)

GEM
  remote: https://rubygems.org/
  specs:
    activesupport (6.1.1)
      concurrent-ruby (~> 1.0, >= 1.0.2)
      i18n (>= 1.6, < 2)
      minitest (>= 5.1)
      tzinfo (~> 2.0)
      zeitwerk (~> 2.3)
    base32-multi (0.1.1)
    coderay (1.1.3)
    concurrent-ruby (1.1.7)
    diff-lcs (1.4.4)
    dry-configurable (0.12.0)
      concurrent-ruby (~> 1.0)
      dry-core (~> 0.5, >= 0.5.0)
    dry-container (0.7.2)
      concurrent-ruby (~> 1.0)
      dry-configurable (~> 0.1, >= 0.1.3)
    dry-core (0.5.0)
      concurrent-ruby (~> 1.0)
    dry-equalizer (0.3.0)
    dry-inflector (0.2.0)
    dry-logic (1.1.0)
      concurrent-ruby (~> 1.0)
      dry-core (~> 0.5, >= 0.5)
    dry-struct (1.3.0)
      dry-core (~> 0.4, >= 0.4.4)
      dry-equalizer (~> 0.3)
      dry-types (~> 1.3)
      ice_nine (~> 0.11)
    dry-types (1.4.0)
      concurrent-ruby (~> 1.0)
      dry-container (~> 0.3)
      dry-core (~> 0.4, >= 0.4.4)
      dry-equalizer (~> 0.3)
      dry-inflector (~> 0.1, >= 0.1.2)
      dry-logic (~> 1.0, >= 1.0.2)
    excon (0.78.1)
    hashdiff (1.0.1)
    i18n (1.8.7)
      concurrent-ruby (~> 1.0)
    ice_nine (0.11.2)
    jsonpath (1.1.0)
      multi_json
    kustomizer (0.1.1)
      accessory (~> 0.1.9)
      base32-multi
    method_source (1.0.0)
    minitest (5.14.3)
    multi_json (1.15.0)
    paint (2.2.1)
    parslet (1.8.2)
    pastel (0.8.0)
      tty-color (~> 0.5)
    pry (0.13.1)
      coderay (~> 1.1)
      method_source (~> 1.0)
    rake (13.0.3)
    rspec (3.10.0)
      rspec-core (~> 3.10.0)
      rspec-expectations (~> 3.10.0)
      rspec-mocks (~> 3.10.0)
    rspec-core (3.10.1)
      rspec-support (~> 3.10.0)
    rspec-expectations (3.10.1)
      diff-lcs (>= 1.2.0, < 2.0)
      rspec-support (~> 3.10.0)
    rspec-mocks (3.10.1)
      diff-lcs (>= 1.2.0, < 2.0)
      rspec-support (~> 3.10.0)
    rspec-support (3.10.1)
    thor (1.0.1)
    toml (0.2.0)
      parslet (~> 1.8.0)
    tty-color (0.6.0)
    tty-command (0.10.0)
      pastel (~> 0.8)
    tty-cursor (0.7.1)
    tty-link (0.1.1)
    tty-platform (0.3.0)
    tty-prompt (0.23.0)
      pastel (~> 0.8)
      tty-reader (~> 0.8)
    tty-reader (0.9.0)
      tty-cursor (~> 0.7)
      tty-screen (~> 0.8)
      wisper (~> 2.0)
    tty-screen (0.8.1)
    tty-which (0.4.2)
    tzinfo (2.0.4)
      concurrent-ruby (~> 1.0)
    wisper (2.0.1)
    yajl-ruby (1.4.1)
    yaml-safe_load_stream2 (0.1.1)
    zeitwerk (2.4.2)

PLATFORMS
  x86_64-darwin-20

DEPENDENCIES
  accessory!
  k8s-ruby!
  orbital!
  pry (~> 0.13.1)
  rake (~> 13.0)
  recursive-open-struct!
  rspec (~> 3.10.0)

RUBY VERSION
   ruby 3.0.0p0

BUNDLED WITH
   2.2.5
